GIT
  remote: git://github.com/gf3/deck.rb.git
  revision: 3684fcaad376d3f425c8eb1f72e9ac8da6673254
  branch: code-highlighting
  specs:
    deckrb (0.4.2)
      erector (>= 0.9.0)
      json
      nokogiri
      pygments.rb
      rack (>= 1.4.1)
      redcarpet (~> 2)
      thin
      trollop

GEM
  remote: http://rubygems.org/
  specs:
    chunky_png (1.2.6)
    compass (0.12.2)
      chunky_png (~> 1.2)
      fssm (>= 0.2.7)
      sass (~> 3.1)
    daemons (1.1.9)
    diff-lcs (1.1.3)
    erector (0.9.0)
      treetop (>= 1.2.3)
    eventmachine (1.0.0.rc.4)
    eventmachine (1.0.0.rc.4-x86-mingw32)
    files (0.3.1)
    fssm (0.2.9)
    hike (1.2.1)
    json (1.7.5)
    listen (0.6.0)
    multi_json (1.4.0)
    nokogiri (1.5.5)
    nokogiri (1.5.5-x86-mingw32)
    polyglot (0.3.3)
    posix-spawn (0.3.6)
    predicated (0.2.6)
    pygments.rb (0.3.2)
      posix-spawn (~> 0.3.6)
      yajl-ruby (~> 1.1.0)
    rack (1.4.1)
    rack-protection (1.2.0)
      rack
    rack-test (0.6.2)
      rack (>= 1.0)
    rake (10.0.2)
    redcarpet (2.2.2)
    rerun (0.7.1)
      listen
    rspec (2.12.0)
      rspec-core (~> 2.12.0)
      rspec-expectations (~> 2.12.0)
      rspec-mocks (~> 2.12.0)
    rspec-core (2.12.0)
    rspec-expectations (2.12.0)
      diff-lcs (~> 1.1.3)
    rspec-mocks (2.12.0)
    ruby2ruby (2.0.1)
      ruby_parser (~> 3.0.0)
      sexp_processor (~> 4.0)
    ruby_parser (3.0.4)
      sexp_processor (~> 4.1)
    sass (3.2.3)
    sexp_processor (4.1.2)
    sinatra (1.3.3)
      rack (~> 1.3, >= 1.3.6)
      rack-protection (~> 1.2)
      tilt (~> 1.3, >= 1.3.3)
    sprockets (2.8.1)
      hike (~> 1.2)
      multi_json (~> 1.0)
      rack (~> 1.0)
      tilt (~> 1.1, != 1.3.0)
    sprockets-helpers (0.7.2)
      sprockets (~> 2.0)
    sprockets-sass (0.8.0)
      sprockets (~> 2.0)
      tilt (~> 1.1)
    thin (1.5.0)
      daemons (>= 1.0.9)
      eventmachine (>= 0.12.6)
      rack (>= 1.0.0)
    tilt (1.3.3)
    treetop (1.4.12)
      polyglot
      polyglot (>= 0.3.1)
    trollop (2.0)
    wrong (0.7.0)
      diff-lcs (~> 1.1.2)
      predicated (~> 0.2.6)
      ruby2ruby (>= 2.0.1)
      ruby_parser (>= 3.0.1)
      sexp_processor (>= 4.0)
    yajl-ruby (1.1.0)
    yajl-ruby (1.1.0-x86-mingw32)

PLATFORMS
  ruby
  x86-mingw32

DEPENDENCIES
  compass
  deckrb!
  erector (~> 0.9.0.pre1)
  eventmachine (= 1.0.0.rc.4)
  files (>= 0.3.0)
  nokogiri
  rack-test
  rake
  redcarpet
  rerun
  rspec
  sass
  sinatra
  sprockets
  sprockets-helpers
  sprockets-sass
  thin
  wrong (>= 0.6.2)
